PATH
  remote: .
  specs:
    objectively (0.1.0)
      ruby-graphviz (~> 1.2)

GEM
  remote: https://rubygems.org/
  specs:
    coderay (1.1.2)
    diff-lcs (1.3)
    method_source (0.9.2)
    pry (0.12.2)
      coderay (~> 1.1.0)
      method_source (~> 0.9.0)
    rake (10.5.0)
    rspec (3.9.0)
      rspec-core (~> 3.9.0)
      rspec-expectations (~> 3.9.0)
      rspec-mocks (~> 3.9.0)
    rspec-core (3.9.1)
      rspec-support (~> 3.9.1)
    rspec-expectations (3.9.0)
      diff-lcs (>= 1.2.0, < 2.0)
      rspec-support (~> 3.9.0)
    rspec-mocks (3.9.1)
      diff-lcs (>= 1.2.0, < 2.0)
      rspec-support (~> 3.9.0)
    rspec-support (3.9.2)
    ruby-graphviz (1.2.4)

PLATFORMS
  ruby

DEPENDENCIES
  bundler (~> 2.0)
  objectively!
  pry (~> 0.12)
  rake (~> 10.0)
  rspec (~> 3.0)

BUNDLED WITH
   2.0.2
